GEM
  remote: https://rubygems.org/
  specs:
    Ascii85 (1.0.2)
    afm (0.2.2)
    colorize (0.8.1)
    hashery (2.1.2)
    highline (1.7.8)
    i18n (0.8.4)
    options (2.3.2)
    pdf-reader (2.0.0)
      Ascii85 (~> 1.0.0)
      afm (~> 0.2.1)
      hashery (~> 2.0)
      ruby-rc4
      ttfunk
    progress_bar (1.1.0)
      highline (~> 1.6)
      options (~> 2.3.0)
    ruby-rc4 (0.1.5)
    ttfunk (1.5.1)

PLATFORMS
  ruby

DEPENDENCIES
  colorize
  i18n
  pdf-reader
  progress_bar

BUNDLED WITH
   1.15.1
